PATH
  remote: .
  specs:
    usamin (7.7.0)

GEM
  remote: https://rubygems.org/
  specs:
    coderay (1.1.2)
    method_source (0.9.0)
    pry (0.11.3)
      coderay (~> 1.1.0)
      method_source (~> 0.9.0)
    rake (12.3.0)
    rake-compiler (1.0.4)
      rake

PLATFORMS
  ruby

DEPENDENCIES
  bundler (~> 1.16)
  pry (~> 0.11)
  rake (~> 12.3)
  rake-compiler
  usamin!

BUNDLED WITH
   1.16.1
